GEM
  remote: https://rubygems.org/
  specs:
    test-unit (2.5.4)

PLATFORMS
  ruby

DEPENDENCIES
  test-unit
